GEM
  remote: https://rubygems.org/
  specs:
    activesupport-inflector (0.1.0)
    coderay (1.1.1)
    i18n (0.8.6)
    method_source (0.8.2)
    pry (0.10.4)
      coderay (~> 1.1.0)
      method_source (~> 0.8.1)
      slop (~> 3.4)
    slop (3.6.0)
    sqlite3 (1.3.13)

PLATFORMS
  ruby

DEPENDENCIES
  activesupport-inflector (~> 0.1.0)
  i18n
  pry
  sqlite3

BUNDLED WITH
   1.15.2
